PATH
  remote: packages/rubocop-brickdoc
  specs:
    rubocop-brickdoc (0.1.1)
      rubocop (>= 1.10)

GEM
  remote: https://rubygems.org/
  specs:
    abstract_type (0.0.7)
    accept_language (2.0.1)
    action_policy (0.5.7)
      ruby-next-core (>= 0.11.0)
    action_policy-graphql (0.5.3)
      action_policy (>= 0.5.0)
      graphql (>= 1.9.3)
      ruby-next-core (>= 0.10.0)
    actioncable (6.1.4)
      actionpack (= 6.1.4)
      activesupport (= 6.1.4)
      nio4r (~> 2.0)
      websocket-driver (>= 0.6.1)
    actionmailbox (6.1.4)
      actionpack (= 6.1.4)
      activejob (= 6.1.4)
      activerecord (= 6.1.4)
      activestorage (= 6.1.4)
      activesupport (= 6.1.4)
      mail (>= 2.7.1)
    actionmailer (6.1.4)
      actionpack (= 6.1.4)
      actionview (= 6.1.4)
      activejob (= 6.1.4)
      activesupport (= 6.1.4)
      mail (~> 2.5, >= 2.5.4)
      rails-dom-testing (~> 2.0)
    actionpack (6.1.4)
      actionview (= 6.1.4)
      activesupport (= 6.1.4)
      rack (~> 2.0, >= 2.0.9)
      rack-test (>= 0.6.3)
      rails-dom-testing (~> 2.0)
      rails-html-sanitizer (~> 1.0, >= 1.2.0)
    actiontext (6.1.4)
      actionpack (= 6.1.4)
      activerecord (= 6.1.4)
      activestorage (= 6.1.4)
      activesupport (= 6.1.4)
      nokogiri (>= 1.8.5)
    actionview (6.1.4)
      activesupport (= 6.1.4)
      builder (~> 3.1)
      erubi (~> 1.4)
      rails-dom-testing (~> 2.0)
      rails-html-sanitizer (~> 1.1, >= 1.2.0)
    actionview_precompiler (0.2.3)
      actionview (>= 6.0.a)
    activejob (6.1.4)
      activesupport (= 6.1.4)
      globalid (>= 0.3.6)
    activemodel (6.1.4)
      activesupport (= 6.1.4)
    activerecord (6.1.4)
      activemodel (= 6.1.4)
      activesupport (= 6.1.4)
    activestorage (6.1.4)
      actionpack (= 6.1.4)
      activejob (= 6.1.4)
      activerecord (= 6.1.4)
      activesupport (= 6.1.4)
      marcel (~> 1.0.0)
      mini_mime (>= 1.1.0)
    activesupport (6.1.4)
      concurrent-ruby (~> 1.0, >= 1.0.2)
      i18n (>= 1.6, < 2)
      minitest (>= 5.1)
      tzinfo (~> 2.0)
      zeitwerk (~> 2.3)
    adamantium (0.2.0)
      ice_nine (~> 0.11.0)
      memoizable (~> 0.4.0)
    addressable (2.8.0)
      public_suffix (>= 2.0.2, < 5.0)
    aes_key_wrap (1.1.0)
    anima (0.3.2)
      abstract_type (~> 0.0.7)
      adamantium (~> 0.2)
      equalizer (~> 0.0.11)
    annotate (3.1.1)
      activerecord (>= 3.2, < 7.0)
      rake (>= 10.4, < 14.0)
    apollo_upload_server (2.0.5)
      actionpack (>= 4.2)
      graphql (>= 1.8)
    ast (2.4.2)
    bcrypt (3.1.16)
    better_html (1.0.16)
      actionview (>= 4.0)
      activesupport (>= 4.0)
      ast (~> 2.0)
      erubi (~> 1.4)
      html_tokenizer (~> 0.0.6)
      parser (>= 2.4)
      smart_properties
    bindata (2.4.10)
    bindex (0.8.1)
    bootsnap (1.7.5)
      msgpack (~> 1.0)
    brakeman (5.1.1)
    builder (3.2.4)
    byebug (11.1.3)
    cityhash (0.9.0)
    cloak-rb (0.1.0)
      miscreant
    concord (0.1.6)
      adamantium (~> 0.2.0)
      equalizer (~> 0.0.9)
    concurrent-ruby (1.1.9)
    connection_pool (2.2.5)
    constant_resolver (0.1.5)
    crass (1.0.6)
    css_parser (1.9.0)
      addressable
    cypress-on-rails (1.9.1)
      rack
    default_value_for (3.4.0)
      activerecord (>= 3.2.0, < 7.0)
    devise (4.8.0)
      bcrypt (~> 3.0)
      orm_adapter (~> 0.1)
      railties (>= 4.1.0)
      responders
      warden (~> 1.2.3)
    diff-lcs (1.4.4)
    doorkeeper (5.5.2)
      railties (>= 5)
    doorkeeper-jwt (0.4.0)
      jwt (~> 2.1)
    doorkeeper-openid_connect (1.8.0)
      doorkeeper (>= 5.5, < 5.6)
      json-jwt (>= 1.11.0)
    dotenv (2.7.6)
    dotenv-rails (2.7.6)
      dotenv (= 2.7.6)
      railties (>= 3.2)
    equalizer (0.0.11)
    erubi (1.10.0)
    et-orbi (1.2.4)
      tzinfo
    ethon (0.14.0)
      ffi (>= 1.15.0)
    factory_bot (6.2.0)
      activesupport (>= 5.0.0)
    factory_bot_rails (6.2.0)
      factory_bot (~> 6.2.0)
      railties (>= 5.0.0)
    faraday (1.5.1)
      faraday-em_http (~> 1.0)
      faraday-em_synchrony (~> 1.0)
      faraday-excon (~> 1.1)
      faraday-httpclient (~> 1.0.1)
      faraday-net_http (~> 1.0)
      faraday-net_http_persistent (~> 1.1)
      faraday-patron (~> 1.0)
      multipart-post (>= 1.2, < 3)
      ruby2_keywords (>= 0.0.4)
    faraday-em_http (1.0.0)
    faraday-em_synchrony (1.0.0)
    faraday-excon (1.1.0)
    faraday-httpclient (1.0.1)
    faraday-net_http (1.0.1)
    faraday-net_http_persistent (1.2.0)
    faraday-patron (1.0.0)
    fast_blank (1.0.0)
    fast_underscore (0.3.2)
    fast_woothee (1.6.4)
      rexml
      thermite
    ffaker (2.18.0)
    ffi (1.15.3)
    flipper (0.21.0)
    flipper-active_record (0.21.0)
      activerecord (>= 5.0, < 7)
      flipper (~> 0.21.0)
    flipper-active_support_cache_store (0.21.0)
      activesupport (>= 5.0, < 7)
      flipper (~> 0.21.0)
    fugit (1.5.0)
      et-orbi (~> 1.1, >= 1.1.8)
      raabro (~> 1.4)
    get_process_mem (0.2.7)
      ffi (~> 1.0)
    globalid (0.4.2)
      activesupport (>= 4.2.0)
    graphql (1.12.14)
    graphql-batch (0.4.3)
      graphql (>= 1.3, < 2)
      promise.rb (~> 0.7.2)
    graphql-fragment_cache (1.8.0)
      graphql (>= 1.10.8)
      ruby-next (>= 0.10.0)
    hashie (4.1.0)
    hiredis (0.6.3)
    html_tokenizer (0.0.7)
    htmlentities (4.3.4)
    i18n (1.8.10)
      concurrent-ruby (~> 1.0)
    ice_nine (0.11.2)
    json-jwt (1.13.0)
      activesupport (>= 4.2)
      aes_key_wrap
      bindata
    jwt (2.2.3)
    listen (3.6.0)
      rb-fsevent (~> 0.10, >= 0.10.3)
      rb-inotify (~> 0.9, >= 0.9.10)
    lockbox (0.6.5)
    lograge (0.11.2)
      actionpack (>= 4)
      activesupport (>= 4)
      railties (>= 4)
      request_store (~> 1.0)
    logstop (0.2.7)
    loofah (2.10.0)
      crass (~> 1.0.2)
      nokogiri (>= 1.5.9)
    mail (2.7.1)
      mini_mime (>= 0.1.1)
    marcel (1.0.1)
    marginalia (1.10.1)
      actionpack (>= 2.3)
      activerecord (>= 2.3)
    memoizable (0.4.2)
      thread_safe (~> 0.3, >= 0.3.1)
    method_source (1.0.0)
    mini_mime (1.1.0)
    minitar (0.9)
    minitest (5.14.4)
    miscreant (0.3.0)
    mprelude (0.1.0)
      abstract_type (~> 0.0.7)
      adamantium (~> 0.2.0)
      concord (~> 0.1.5)
      equalizer (~> 0.0.9)
      ice_nine (~> 0.11.1)
      procto (~> 0.0.2)
    msgpack (1.4.2)
    multi_json (1.15.0)
    multi_xml (0.6.0)
    multipart-post (2.1.1)
    nio4r (2.5.7)
    nokogiri (1.11.7-x86_64-darwin)
      racc (~> 1.4)
    nokogiri (1.11.7-x86_64-linux)
      racc (~> 1.4)
    oauth2 (1.4.7)
      faraday (>= 0.8, < 2.0)
      jwt (>= 1.0, < 3.0)
      multi_json (~> 1.3)
      multi_xml (~> 0.5)
      rack (>= 1.2, < 3)
    oj (3.12.1)
    omniauth (2.0.4)
      hashie (>= 3.4.6)
      rack (>= 1.6.2, < 3)
      rack-protection
    omniauth-github (2.0.0)
      omniauth (~> 2.0)
      omniauth-oauth2 (~> 1.7.1)
    omniauth-oauth2 (1.7.1)
      oauth2 (~> 1.4)
      omniauth (>= 1.9, < 3)
    omniauth-rails_csrf_protection (1.0.0)
      actionpack (>= 4.2)
      omniauth (~> 2.0)
    orm_adapter (0.5.0)
    packwerk (1.3.1)
      activesupport (>= 5.2)
      ast
      better_html
      constant_resolver
      parallel
      parser
      sorbet-runtime
    parallel (1.20.1)
    parser (3.0.2.0)
      ast (~> 2.4.1)
    pg (1.2.3)
    pg_ltree (1.1.8)
      activerecord (>= 4.0.0, <= 7.0.0.rc1)
      pg (>= 0.17.0, < 2)
    premailer (1.15.0)
      addressable
      css_parser (>= 1.6.0)
      htmlentities (>= 4.0.0)
    premailer-rails (1.11.1)
      actionmailer (>= 3)
      premailer (~> 1.7, >= 1.7.9)
    procto (0.0.3)
    promise.rb (0.7.4)
    public_suffix (4.0.6)
    puma (5.3.2)
      nio4r (~> 2.0)
    puma_worker_killer (0.3.1)
      get_process_mem (~> 0.2)
      puma (>= 2.7)
    raabro (1.4.0)
    racc (1.5.2)
    rack (2.2.3)
    rack-protection (2.1.0)
      rack
    rack-proxy (0.7.0)
      rack
    rack-test (1.1.0)
      rack (>= 1.0, < 3)
    rails (6.1.4)
      actioncable (= 6.1.4)
      actionmailbox (= 6.1.4)
      actionmailer (= 6.1.4)
      actionpack (= 6.1.4)
      actiontext (= 6.1.4)
      actionview (= 6.1.4)
      activejob (= 6.1.4)
      activemodel (= 6.1.4)
      activerecord (= 6.1.4)
      activestorage (= 6.1.4)
      activesupport (= 6.1.4)
      bundler (>= 1.15.0)
      railties (= 6.1.4)
      sprockets-rails (>= 2.0.0)
    rails-dom-testing (2.0.3)
      activesupport (>= 4.2.0)
      nokogiri (>= 1.6)
    rails-html-sanitizer (1.3.0)
      loofah (~> 2.3)
    rails-settings-cached (2.7.1)
      rails (>= 5.0.0)
    railties (6.1.4)
      actionpack (= 6.1.4)
      activesupport (= 6.1.4)
      method_source
      rake (>= 0.13)
      thor (~> 1.0)
    rainbow (3.0.0)
    rake (13.0.6)
    rb-fsevent (0.11.0)
    rb-inotify (0.10.1)
      ffi (~> 1.0)
    rdeunicode (0.1.1)
      rutie (~> 0.0.3)
      thermite (~> 0)
    redis (4.2.5)
    redis-namespace (1.8.1)
      redis (>= 3.0.4)
    redis-objects (1.5.1)
      redis (~> 4.2)
    regexp_parser (2.1.1)
    request_store (1.5.0)
      rack (>= 1.4)
    responders (3.0.1)
      actionpack (>= 5.0)
      railties (>= 5.0)
    rexml (3.2.5)
    rspec-core (3.10.1)
      rspec-support (~> 3.10.0)
    rspec-expectations (3.10.1)
      diff-lcs (>= 1.2.0, < 2.0)
      rspec-support (~> 3.10.0)
    rspec-mocks (3.10.2)
      diff-lcs (>= 1.2.0, < 2.0)
      rspec-support (~> 3.10.0)
    rspec-rails (5.0.1)
      actionpack (>= 5.2)
      activesupport (>= 5.2)
      railties (>= 5.2)
      rspec-core (~> 3.10)
      rspec-expectations (~> 3.10)
      rspec-mocks (~> 3.10)
      rspec-support (~> 3.10)
    rspec-support (3.10.2)
    rspec_junit_formatter (0.4.1)
      rspec-core (>= 2, < 4, != 2.12.0)
    rubocop (1.18.3)
      parallel (~> 1.10)
      parser (>= 3.0.0.0)
      rainbow (>= 2.2.2, < 4.0)
      regexp_parser (>= 1.8, < 3.0)
      rexml
      rubocop-ast (>= 1.7.0, < 2.0)
      ruby-progressbar (~> 1.7)
      unicode-display_width (>= 1.4.0, < 3.0)
    rubocop-ast (1.8.0)
      parser (>= 3.0.1.1)
    ruby-next (0.12.0)
      ruby-next-core (= 0.12.0)
      ruby-next-parser (>= 3.0.0.3)
      unparser (>= 0.5.6, < 0.6.0)
    ruby-next-core (0.12.0)
    ruby-next-parser (3.0.1.0)
      parser (>= 2.7.2.0)
    ruby-progressbar (1.11.0)
    ruby2_keywords (0.0.5)
    rutie (0.0.4)
    second_level_cache (2.6.4)
      activerecord (>= 5.2, < 7)
      activesupport (>= 5.2, < 7)
    semantic_range (3.0.0)
    shoulda-matchers (5.0.0)
      activesupport (>= 5.2.0)
    sidekiq (6.2.1)
      connection_pool (>= 2.2.2)
      rack (~> 2.0)
      redis (>= 4.2.0)
    sidekiq-cron (1.2.0)
      fugit (~> 1.1)
      sidekiq (>= 4.2.1)
    smart_properties (1.15.0)
    sorbet-runtime (0.5.6514)
    spring (2.1.1)
    sprockets (4.0.2)
      concurrent-ruby (~> 1.0)
      rack (> 1, < 3)
    sprockets-rails (3.2.2)
      actionpack (>= 4.0)
      activesupport (>= 4.0)
      sprockets (>= 3.0.0)
    thermite (0.13.0)
      minitar (~> 0.5)
      rake (>= 10)
      tomlrb (~> 1.2)
    thor (1.1.0)
    thread_safe (0.3.6)
    tomlrb (1.3.0)
    typhoeus (1.4.0)
      ethon (>= 0.9.0)
    tzinfo (2.0.4)
      concurrent-ruby (~> 1.0)
    tzinfo-data (1.2021.1)
      tzinfo (>= 1.0.0)
    unicode-display_width (2.0.0)
    unparser (0.5.7)
      abstract_type (~> 0.0.7)
      adamantium (~> 0.2.0)
      anima (~> 0.3.1)
      concord (~> 0.1.5)
      diff-lcs (~> 1.3)
      equalizer (~> 0.0.9)
      mprelude (~> 0.1.0)
      parser (>= 3.0.0)
      procto (~> 0.0.2)
    warden (1.2.9)
      rack (>= 2.0.9)
    web-console (4.1.0)
      actionview (>= 6.0.0)
      activemodel (>= 6.0.0)
      bindex (>= 0.4.0)
      railties (>= 6.0.0)
    webpacker (6.0.0.beta.7)
      activesupport (>= 5.2)
      rack-proxy (>= 0.6.1)
      railties (>= 5.2)
      semantic_range (>= 2.3.0)
    websocket-driver (0.7.5)
      websocket-extensions (>= 0.1.0)
    websocket-extensions (0.1.5)
    zeitwerk (2.4.2)

PLATFORMS
  x86_64-darwin-20
  x86_64-linux

DEPENDENCIES
  accept_language (>= 2.0.1)
  action_policy (~> 0.5.7)
  action_policy-graphql (~> 0.5.3)
  actionview_precompiler
  annotate
  apollo_upload_server (~> 2.0, >= 2.0.5)
  bootsnap (>= 1.4.4)
  brakeman
  byebug
  cityhash (~> 0.9.0)
  cloak-rb (>= 0.1.0)
  connection_pool (~> 2.2, >= 2.2.5)
  cypress-on-rails (~> 1.9.1)
  default_value_for (~> 3.4)
  devise (~> 4.8)
  doorkeeper (~> 5.5, >= 5.5.2)
  doorkeeper-jwt (~> 0.4.0)
  doorkeeper-openid_connect (~> 1.8)
  dotenv-rails (~> 2.7, >= 2.7.6)
  factory_bot_rails (>= 6.2)
  faraday (~> 1.4, >= 1.4.3)
  fast_blank (>= 1.0)
  fast_underscore (>= 0.3.1)
  fast_woothee (~> 1.6, >= 1.6.4)
  ffaker
  flipper (~> 0.21.0)
  flipper-active_record (~> 0.21.0)
  flipper-active_support_cache_store (~> 0.21.0)
  graphql (~> 1.12, >= 1.12.13)
  graphql-batch (~> 0.4.3)
  graphql-fragment_cache (~> 1.8)
  hiredis (~> 0.6.3)
  listen (~> 3.3)
  lockbox (>= 0.6.4)
  lograge (~> 0.11.2)
  logstop (>= 0.2.7)
  marginalia (~> 1.10.0)
  nokogiri (~> 1.11, >= 1.11.5)
  oj
  omniauth (~> 2.0, >= 2.0.4)
  omniauth-github (~> 2.0)
  omniauth-rails_csrf_protection (~> 1.0)
  packwerk (~> 1.3, >= 1.3.1)
  pg (~> 1.2.3)
  pg_ltree (~> 1.1, >= 1.1.8)
  premailer-rails (~> 1.11, >= 1.11.1)
  puma (~> 5.3, >= 5.3.2)
  puma_worker_killer (~> 0.3.1)
  rails (~> 6.1.4)
  rails-settings-cached (>= 2.6)
  rdeunicode (~> 0.1.1)
  redis (~> 4.2.5)
  redis-namespace (~> 1.8, >= 1.8.1)
  redis-objects (~> 1.5.0)
  rspec-rails (>= 4.0.2)
  rspec_junit_formatter (>= 0.4)
  rubocop (>= 1.17)
  rubocop-brickdoc!
  second_level_cache (~> 2.6, >= 2.6.4)
  shoulda-matchers
  sidekiq (~> 6.2, >= 6.2.1)
  sidekiq-cron (~> 1.2)
  spring
  typhoeus (~> 1.4)
  tzinfo-data (~> 1.2021, >= 1.2021.1)
  web-console (>= 4.1.0)
  webpacker (= 6.0.0.beta.7)

BUNDLED WITH
   2.2.15
