GIT
  remote: https://github.com/mashcard/default_value_for.git
  revision: fe7ab1bd4a433c20ddfff2618e01a73b586e86cc
  specs:
    default_value_for (3.4.0)
      activerecord (>= 3.2.0, < 8.0)

GEM
  remote: https://rubygems.org/
  specs:
    accept_language (2.0.3)
    action_policy (0.6.1)
      ruby-next-core (>= 0.14.0)
    action_policy-graphql (0.5.3)
      action_policy (>= 0.5.0)
      graphql (>= 1.9.3)
      ruby-next-core (>= 0.10.0)
    actioncable (7.0.3.1)
      actionpack (= 7.0.3.1)
      activesupport (= 7.0.3.1)
      nio4r (~> 2.0)
      websocket-driver (>= 0.6.1)
    actionmailbox (7.0.3.1)
      actionpack (= 7.0.3.1)
      activejob (= 7.0.3.1)
      activerecord (= 7.0.3.1)
      activestorage (= 7.0.3.1)
      activesupport (= 7.0.3.1)
      mail (>= 2.7.1)
      net-imap
      net-pop
      net-smtp
    actionmailer (7.0.3.1)
      actionpack (= 7.0.3.1)
      actionview (= 7.0.3.1)
      activejob (= 7.0.3.1)
      activesupport (= 7.0.3.1)
      mail (~> 2.5, >= 2.5.4)
      net-imap
      net-pop
      net-smtp
      rails-dom-testing (~> 2.0)
    actionpack (7.0.3.1)
      actionview (= 7.0.3.1)
      activesupport (= 7.0.3.1)
      rack (~> 2.0, >= 2.2.0)
      rack-test (>= 0.6.3)
      rails-dom-testing (~> 2.0)
      rails-html-sanitizer (~> 1.0, >= 1.2.0)
    actiontext (7.0.3.1)
      actionpack (= 7.0.3.1)
      activerecord (= 7.0.3.1)
      activestorage (= 7.0.3.1)
      activesupport (= 7.0.3.1)
      globalid (>= 0.6.0)
      nokogiri (>= 1.8.5)
    actionview (7.0.3.1)
      activesupport (= 7.0.3.1)
      builder (~> 3.1)
      erubi (~> 1.4)
      rails-dom-testing (~> 2.0)
      rails-html-sanitizer (~> 1.1, >= 1.2.0)
    activejob (7.0.3.1)
      activesupport (= 7.0.3.1)
      globalid (>= 0.3.6)
    activemodel (7.0.3.1)
      activesupport (= 7.0.3.1)
    activerecord (7.0.3.1)
      activemodel (= 7.0.3.1)
      activesupport (= 7.0.3.1)
    activestorage (7.0.3.1)
      actionpack (= 7.0.3.1)
      activejob (= 7.0.3.1)
      activerecord (= 7.0.3.1)
      activesupport (= 7.0.3.1)
      marcel (~> 1.0)
      mini_mime (>= 1.1.0)
    activesupport (7.0.3.1)
      concurrent-ruby (~> 1.0, >= 1.0.2)
      i18n (>= 1.6, < 2)
      minitest (>= 5.1)
      tzinfo (~> 2.0)
    addressable (2.8.0)
      public_suffix (>= 2.0.2, < 5.0)
    annotate (3.2.0)
      activerecord (>= 3.2, < 8.0)
      rake (>= 10.4, < 14.0)
    ast (2.4.2)
    backport (1.2.0)
    bcrypt (3.1.18)
    benchmark (0.2.0)
    benchmark-ips (2.10.0)
    bindex (0.8.1)
    bootsnap (1.12.0)
      msgpack (~> 1.2)
    brakeman (5.2.3)
    brpoplpush-redis_script (0.1.2)
      concurrent-ruby (~> 1.0, >= 1.0.5)
      redis (>= 1.0, <= 5.0)
    builder (3.2.4)
    concurrent-ruby (1.1.10)
    connection_pool (2.2.5)
    crack (0.4.5)
      rexml
    crass (1.0.6)
    debug (1.6.1)
      irb (>= 1.3.6)
      reline (>= 0.3.1)
    declarative (0.0.20)
    devise (4.8.1)
      bcrypt (~> 3.0)
      orm_adapter (~> 0.1)
      railties (>= 4.1.0)
      responders
      warden (~> 1.2.3)
    devise-async (1.0.0)
      activejob (>= 5.0)
      devise (>= 4.0)
    diff-lcs (1.5.0)
    digest (3.1.0)
    digest-crc (0.6.4)
      rake (>= 12.0.0, < 14.0.0)
    docile (1.4.0)
    dotenv (2.7.6)
    dotenv-rails (2.7.6)
      dotenv (= 2.7.6)
      railties (>= 3.2)
    dry-container (0.10.0)
      concurrent-ruby (~> 1.0)
    e2mmap (0.1.0)
    easymon (1.6.2)
      redis
    erubi (1.10.0)
    et-orbi (1.2.7)
      tzinfo
    factory_bot (6.2.1)
      activesupport (>= 5.0.0)
    factory_bot_rails (6.2.0)
      factory_bot (~> 6.2.0)
      railties (>= 5.0.0)
    faraday (1.10.0)
      faraday-em_http (~> 1.0)
      faraday-em_synchrony (~> 1.0)
      faraday-excon (~> 1.1)
      faraday-httpclient (~> 1.0)
      faraday-multipart (~> 1.0)
      faraday-net_http (~> 1.0)
      faraday-net_http_persistent (~> 1.0)
      faraday-patron (~> 1.0)
      faraday-rack (~> 1.0)
      faraday-retry (~> 1.0)
      ruby2_keywords (>= 0.0.4)
    faraday-em_http (1.0.0)
    faraday-em_synchrony (1.0.0)
    faraday-excon (1.1.0)
    faraday-httpclient (1.0.1)
    faraday-multipart (1.0.4)
      multipart-post (~> 2)
    faraday-net_http (1.0.1)
    faraday-net_http_persistent (1.2.0)
    faraday-patron (1.0.0)
    faraday-rack (1.0.0)
    faraday-retry (1.0.3)
    faraday_middleware (1.2.0)
      faraday (~> 1.0)
    fast_underscore (0.3.3)
    ffaker (2.21.0)
    ffi (1.15.5)
    flipper (0.25.0)
    flipper-active_record (0.25.0)
      activerecord (>= 4.2, < 8)
      flipper (~> 0.25.0)
    flipper-active_support_cache_store (0.25.0)
      activesupport (>= 4.2, < 8)
      flipper (~> 0.25.0)
    fugit (1.5.3)
      et-orbi (~> 1, >= 1.2.7)
      raabro (~> 1.4)
    gapic-common (0.10.0)
      faraday (>= 1.9, < 3.a)
      faraday-retry (>= 1.0, < 3.a)
      google-protobuf (~> 3.14)
      googleapis-common-protos (>= 1.3.12, < 2.a)
      googleapis-common-protos-types (>= 1.3.1, < 2.a)
      googleauth (~> 1.0)
      grpc (~> 1.36)
    get_process_mem (0.2.7)
      ffi (~> 1.0)
    globalid (1.0.0)
      activesupport (>= 5.0)
    google-apis-core (0.7.0)
      addressable (~> 2.5, >= 2.5.1)
      googleauth (>= 0.16.2, < 2.a)
      httpclient (>= 2.8.1, < 3.a)
      mini_mime (~> 1.0)
      representable (~> 3.0)
      retriable (>= 2.0, < 4.a)
      rexml
      webrick
    google-apis-iamcredentials_v1 (0.13.0)
      google-apis-core (>= 0.7, < 2.a)
    google-apis-storage_v1 (0.18.0)
      google-apis-core (>= 0.7, < 2.a)
    google-cloud-core (1.6.0)
      google-cloud-env (~> 1.0)
      google-cloud-errors (~> 1.0)
    google-cloud-env (1.6.0)
      faraday (>= 0.17.3, < 3.0)
    google-cloud-errors (1.2.0)
    google-cloud-kms (2.4.0)
      google-cloud-core (~> 1.6)
      google-cloud-kms-v1 (>= 0.11, < 2.a)
    google-cloud-kms-v1 (0.13.0)
      gapic-common (>= 0.10, < 2.a)
      google-cloud-errors (~> 1.0)
      grpc-google-iam-v1 (~> 1.1)
    google-cloud-storage (1.37.0)
      addressable (~> 2.8)
      digest-crc (~> 0.4)
      google-apis-iamcredentials_v1 (~> 0.1)
      google-apis-storage_v1 (~> 0.1)
      google-cloud-core (~> 1.6)
      googleauth (>= 0.16.2, < 2.a)
      mini_mime (~> 1.0)
    google-protobuf (3.21.2-x86_64-darwin)
    google-protobuf (3.21.2-x86_64-linux)
    googleapis-common-protos (1.3.12)
      google-protobuf (~> 3.14)
      googleapis-common-protos-types (~> 1.2)
      grpc (~> 1.27)
    googleapis-common-protos-types (1.3.2)
      google-protobuf (~> 3.14)
    googleauth (1.2.0)
      faraday (>= 0.17.3, < 3.a)
      jwt (>= 1.4, < 3.0)
      memoist (~> 0.16)
      multi_json (~> 1.11)
      os (>= 0.9, < 2.0)
      signet (>= 0.16, < 2.a)
    graphql (2.0.11)
    graphql-batch (0.5.1)
      graphql (>= 1.10, < 3)
      promise.rb (~> 0.7.2)
    graphql-fragment_cache (1.11.0)
      graphql (>= 1.12.0)
      ruby-next (>= 0.10.0)
    grpc (1.47.0-x86_64-darwin)
      google-protobuf (~> 3.19)
      googleapis-common-protos-types (~> 1.0)
    grpc (1.47.0-x86_64-linux)
      google-protobuf (~> 3.19)
      googleapis-common-protos-types (~> 1.0)
    grpc-google-iam-v1 (1.1.1)
      google-protobuf (~> 3.14)
      googleapis-common-protos (>= 1.3.12, < 2.0)
      grpc (~> 1.27)
    hashdiff (1.0.1)
    hashie (5.0.0)
    httparty (0.20.0)
      mime-types (~> 3.0)
      multi_xml (>= 0.5.2)
    httpclient (2.8.3)
    i18n (1.12.0)
      concurrent-ruby (~> 1.0)
    io-console (0.5.11)
    irb (1.4.1)
      reline (>= 0.3.0)
    jaro_winkler (1.5.4)
    json (2.6.2)
    jwt (2.4.1)
    kramdown (2.4.0)
      rexml
    kramdown-parser-gfm (1.1.0)
      kramdown (~> 2.0)
    lockbox (1.0.0)
    lograge (0.12.0)
      actionpack (>= 4)
      activesupport (>= 4)
      railties (>= 4)
      request_store (~> 1.0)
    logstop (0.2.8)
    loofah (2.18.0)
      crass (~> 1.0.2)
      nokogiri (>= 1.5.9)
    mail (2.7.1)
      mini_mime (>= 0.1.1)
    marcel (1.0.2)
    memoist (0.16.2)
    method_source (1.0.0)
    mime-types (3.4.1)
      mime-types-data (~> 3.2015)
    mime-types-data (3.2022.0105)
    mini_mime (1.1.2)
    minitest (5.16.2)
    msgpack (1.5.3)
    multi_json (1.15.0)
    multi_xml (0.6.0)
    multipart-post (2.2.3)
    net-imap (0.2.3)
      digest
      net-protocol
      strscan
    net-pop (0.1.1)
      digest
      net-protocol
      timeout
    net-protocol (0.1.3)
      timeout
    net-smtp (0.3.1)
      digest
      net-protocol
      timeout
    nio4r (2.5.8)
    nokogiri (1.13.7-x86_64-darwin)
      racc (~> 1.4)
    nokogiri (1.13.7-x86_64-linux)
      racc (~> 1.4)
    oauth2 (1.4.10)
      faraday (>= 0.17.3, < 3.0)
      jwt (>= 1.0, < 3.0)
      multi_json (~> 1.3)
      multi_xml (~> 0.5)
      rack (>= 1.2, < 3)
    oj (3.13.17)
    omniauth (2.1.0)
      hashie (>= 3.4.6)
      rack (>= 2.2.3)
      rack-protection
    omniauth-github (2.0.0)
      omniauth (~> 2.0)
      omniauth-oauth2 (~> 1.7.1)
    omniauth-google-oauth2 (1.0.1)
      jwt (>= 2.0)
      oauth2 (~> 1.1)
      omniauth (~> 2.0)
      omniauth-oauth2 (~> 1.7.1)
    omniauth-oauth2 (1.7.3)
      oauth2 (>= 1.4, < 3)
      omniauth (>= 1.9, < 3)
    omniauth-rails_csrf_protection (1.0.1)
      actionpack (>= 4.2)
      omniauth (~> 2.0)
    orm_adapter (0.5.0)
    os (1.1.4)
    parallel (1.22.1)
    paranoia (2.6.0)
      activerecord (>= 5.1, < 7.1)
    parser (3.1.2.0)
      ast (~> 2.4.1)
    pg (1.4.1)
    promise.rb (0.7.4)
    public_suffix (4.0.7)
    puma (5.6.4)
      nio4r (~> 2.0)
    puma_worker_killer (0.3.1)
      get_process_mem (~> 0.2)
      puma (>= 2.7)
    raabro (1.4.0)
    racc (1.6.0)
    rack (2.2.4)
    rack-protection (2.2.1)
      rack
    rack-test (2.0.2)
      rack (>= 1.3)
    rails (7.0.3.1)
      actioncable (= 7.0.3.1)
      actionmailbox (= 7.0.3.1)
      actionmailer (= 7.0.3.1)
      actionpack (= 7.0.3.1)
      actiontext (= 7.0.3.1)
      actionview (= 7.0.3.1)
      activejob (= 7.0.3.1)
      activemodel (= 7.0.3.1)
      activerecord (= 7.0.3.1)
      activestorage (= 7.0.3.1)
      activesupport (= 7.0.3.1)
      bundler (>= 1.15.0)
      railties (= 7.0.3.1)
    rails-dom-testing (2.0.3)
      activesupport (>= 4.2.0)
      nokogiri (>= 1.6)
    rails-html-sanitizer (1.4.3)
      loofah (~> 2.3)
    rails-i18n (7.0.5)
      i18n (>= 0.7, < 2)
      railties (>= 6.0.0, < 8)
    railties (7.0.3.1)
      actionpack (= 7.0.3.1)
      activesupport (= 7.0.3.1)
      method_source
      rake (>= 12.2)
      thor (~> 1.0)
      zeitwerk (~> 2.5)
    rainbow (3.1.1)
    rake (13.0.6)
    rbnacl (7.1.1)
      ffi
    redis (4.7.1)
    redis-objects (1.7.0)
      redis
    regexp_parser (2.5.0)
    reline (0.3.1)
      io-console (~> 0.5)
    representable (3.2.0)
      declarative (< 0.1.0)
      trailblazer-option (>= 0.1.1, < 0.2.0)
      uber (< 0.2.0)
    request_store (1.5.1)
      rack (>= 1.4)
    responders (3.0.1)
      actionpack (>= 5.0)
      railties (>= 5.0)
    retriable (3.1.2)
    reverse_markdown (2.1.1)
      nokogiri
    rexml (3.2.5)
    rspec-core (3.11.0)
      rspec-support (~> 3.11.0)
    rspec-expectations (3.11.0)
      diff-lcs (>= 1.2.0, < 2.0)
      rspec-support (~> 3.11.0)
    rspec-github (2.3.1)
      rspec-core (~> 3.0)
    rspec-mocks (3.11.1)
      diff-lcs (>= 1.2.0, < 2.0)
      rspec-support (~> 3.11.0)
    rspec-rails (5.1.2)
      actionpack (>= 5.2)
      activesupport (>= 5.2)
      railties (>= 5.2)
      rspec-core (~> 3.10)
      rspec-expectations (~> 3.10)
      rspec-mocks (~> 3.10)
      rspec-support (~> 3.10)
    rspec-support (3.11.0)
    rubocop (1.31.2)
      json (~> 2.3)
      parallel (~> 1.10)
      parser (>= 3.1.0.0)
      rainbow (>= 2.2.2, < 4.0)
      regexp_parser (>= 1.8, < 3.0)
      rexml (>= 3.2.5, < 4.0)
      rubocop-ast (>= 1.18.0, < 2.0)
      ruby-progressbar (~> 1.7)
      unicode-display_width (>= 1.4.0, < 3.0)
    rubocop-ast (1.19.1)
      parser (>= 3.1.1.0)
    rubocop-graphql (0.14.4)
      rubocop (>= 0.87, < 2)
    rubocop-performance (1.14.3)
      rubocop (>= 1.7.0, < 2.0)
      rubocop-ast (>= 0.4.0)
    rubocop-pleisto (1.0.0)
      rubocop (>= 1.30)
      rubocop-performance (>= 1.14)
      rubocop-rspec (>= 2.11)
      rubocop-shopify (>= 2.7)
    rubocop-rails (2.15.2)
      activesupport (>= 4.2.0)
      rack (>= 1.1)
      rubocop (>= 1.7.0, < 2.0)
    rubocop-rspec (2.12.1)
      rubocop (~> 1.31)
    rubocop-shopify (2.8.0)
      rubocop (~> 1.31)
    ruby-next (0.15.1)
      ruby-next-core (= 0.15.1)
      ruby-next-parser (>= 3.1.1.0)
      unparser (~> 0.6.0)
    ruby-next-core (0.15.1)
    ruby-next-parser (3.1.1.3)
      parser (>= 3.0.3.1)
    ruby-progressbar (1.11.0)
    ruby2_keywords (0.0.5)
    rufus-scheduler (3.8.2)
      fugit (~> 1.1, >= 1.1.6)
    second_level_cache (2.7.1)
      activerecord (>= 6.0)
      activesupport (>= 6.0)
    sentry-rails (5.3.1)
      railties (>= 5.0)
      sentry-ruby-core (~> 5.3.1)
    sentry-ruby (5.3.1)
      concurrent-ruby (~> 1.0, >= 1.0.2)
      sentry-ruby-core (= 5.3.1)
    sentry-ruby-core (5.3.1)
      concurrent-ruby
    shoulda-matchers (5.1.0)
      activesupport (>= 5.2.0)
    sidekiq (6.5.1)
      connection_pool (>= 2.2.2)
      rack (~> 2.0)
      redis (>= 4.2.0)
    sidekiq-scheduler (4.0.2)
      redis (>= 4.2.0)
      rufus-scheduler (~> 3.2)
      sidekiq (>= 4)
      tilt (>= 1.4.0)
    sidekiq-unique-jobs (7.1.25)
      brpoplpush-redis_script (> 0.1.1, <= 2.0.0)
      concurrent-ruby (~> 1.0, >= 1.0.5)
      sidekiq (>= 5.0, < 8.0)
      thor (>= 0.20, < 3.0)
    signet (0.17.0)
      addressable (~> 2.8)
      faraday (>= 0.17.5, < 3.a)
      jwt (>= 1.5, < 3.0)
      multi_json (~> 1.10)
    simplecov (0.21.2)
      docile (~> 1.1)
      simplecov-html (~> 0.11)
      simplecov_json_formatter (~> 0.1)
    simplecov-cobertura (2.1.0)
      rexml
      simplecov (~> 0.19)
    simplecov-html (0.12.3)
    simplecov_json_formatter (0.1.4)
    solargraph (0.45.0)
      backport (~> 1.2)
      benchmark
      bundler (>= 1.17.2)
      diff-lcs (~> 1.4)
      e2mmap
      jaro_winkler (~> 1.5)
      kramdown (~> 2.3)
      kramdown-parser-gfm (~> 1.1)
      parser (~> 3.0)
      reverse_markdown (>= 1.0.5, < 3)
      rubocop (>= 0.52)
      thor (~> 1.0)
      tilt (~> 2.0)
      yard (~> 0.9, >= 0.9.24)
    strscan (3.0.3)
    thor (1.2.1)
    tilt (2.0.10)
    timeout (0.3.0)
    trailblazer-option (0.1.2)
    tzinfo (2.0.4)
      concurrent-ruby (~> 1.0)
    tzinfo-data (1.2022.1)
      tzinfo (>= 1.0.0)
    uber (0.1.0)
    unicode-display_width (2.2.0)
    unparser (0.6.5)
      diff-lcs (~> 1.3)
      parser (>= 3.1.0)
    unsplash (2.1.0)
      httparty (~> 0.16)
      oauth2 (~> 1)
    vcr (6.1.0)
    warden (1.2.9)
      rack (>= 2.0.9)
    web-console (4.2.0)
      actionview (>= 6.0.0)
      activemodel (>= 6.0.0)
      bindex (>= 0.4.0)
      railties (>= 6.0.0)
    webmock (3.14.0)
      addressable (>= 2.8.0)
      crack (>= 0.3.2)
      hashdiff (>= 0.4.0, < 2.0.0)
    webrick (1.7.0)
    websocket-driver (0.7.5)
      websocket-extensions (>= 0.1.0)
    websocket-extensions (0.1.5)
    yard (0.9.28)
      webrick (~> 1.7.0)
    zeitwerk (2.6.0)

PLATFORMS
  x86_64-darwin-21
  x86_64-linux

DEPENDENCIES
  accept_language (>= 2.0.1)
  action_policy (~> 0.6.1)
  action_policy-graphql (~> 0.5.3)
  annotate
  benchmark-ips (~> 2.10)
  bootsnap
  brakeman
  connection_pool (~> 2.2, >= 2.2.5)
  debug
  default_value_for!
  devise (~> 4.8.1)
  devise-async (~> 1.0.0)
  dotenv-rails
  dry-container (~> 0.10.0)
  easymon
  factory_bot_rails (>= 6.2)
  faraday (~> 1.10)
  faraday_middleware (~> 1.2)
  fast_underscore (>= 0.3.3)
  ffaker
  flipper (~> 0.25.0)
  flipper-active_record (~> 0.25.0)
  flipper-active_support_cache_store (~> 0.25.0)
  google-cloud-kms (~> 2.3)
  google-cloud-storage (~> 1.36, >= 1.36.2)
  graphql (~> 2.0, >= 2.0.11)
  graphql-batch (~> 0.5.1)
  graphql-fragment_cache (~> 1.11)
  lockbox (>= 0.6.8)
  lograge (~> 0.12.0)
  logstop (~> 0.2.8)
  nokogiri (>= 1.13.6)
  oj
  omniauth (~> 2.1)
  omniauth-github (~> 2.0)
  omniauth-google-oauth2 (~> 1.0)
  omniauth-rails_csrf_protection (~> 1.0, >= 1.0.1)
  paranoia (~> 2.5, >= 2.5.2)
  pg (~> 1.4.1)
  puma (~> 5.6.4)
  puma_worker_killer (~> 0.3.1)
  rails (= 7.0.3.1)
  rails-i18n (~> 7.0.0)
  rbnacl (~> 7.1, >= 7.1.1)
  redis (~> 4.7.1)
  redis-objects (~> 1.6)
  rspec-github
  rspec-rails (>= 5.1.2)
  rubocop-graphql (~> 0.14.3)
  rubocop-pleisto (~> 1.0)
  rubocop-rails (~> 2.14, >= 2.14.2)
  second_level_cache (~> 2.7.1)
  sentry-rails (~> 5.3.1)
  sentry-ruby (~> 5.3.1)
  shoulda-matchers
  sidekiq (~> 6.5)
  sidekiq-scheduler (~> 4.0)
  sidekiq-unique-jobs (~> 7.1, >= 7.1.24)
  simplecov
  simplecov-cobertura
  solargraph
  tzinfo-data (~> 1.2022)
  unsplash
  vcr (~> 6.1)
  web-console
  webmock (~> 3.14)

RUBY VERSION
   ruby 3.1.2p20

BUNDLED WITH
   2.3.14
